PATH
  remote: .
  specs:
    omniavatar (0.1)
      activerecord
      carrierwave (~> 0.9)
      orm_adapter (~> 0.4)

GEM
  remote: http://rubygems.org/
  specs:
    activemodel (3.2.14)
      activesupport (= 3.2.14)
      builder (~> 3.0.0)
    activerecord (3.2.14)
      activemodel (= 3.2.14)
      activesupport (= 3.2.14)
      arel (~> 3.0.2)
      tzinfo (~> 0.3.29)
    activesupport (3.2.14)
      i18n (~> 0.6, >= 0.6.4)
      multi_json (~> 1.0)
    arel (3.0.2)
    builder (3.0.4)
    carrierwave (0.9.0)
      activemodel (>= 3.2.0)
      activesupport (>= 3.2.0)
      json (>= 1.7)
    diff-lcs (1.2.4)
    i18n (0.6.5)
    json (1.8.0)
    multi_json (1.7.9)
    orm_adapter (0.4.0)
    rspec (2.14.1)
      rspec-core (~> 2.14.0)
      rspec-expectations (~> 2.14.0)
      rspec-mocks (~> 2.14.0)
    rspec-core (2.14.5)
    rspec-expectations (2.14.3)
      diff-lcs (>= 1.1.3, < 2.0)
    rspec-mocks (2.14.3)
    sqlite3 (1.3.8)
    tzinfo (0.3.37)

PLATFORMS
  ruby

DEPENDENCIES
  omniavatar!
  rspec (~> 2.14)
  sqlite3
